GEM
  remote: http://rubygems.org/
  specs:
    chunky_png (1.2.7)
    compass (0.12.2)
      chunky_png (~> 1.2)
      fssm (>= 0.2.7)
      sass (~> 3.1)
    compass_twitter_bootstrap (2.2.2.2)
      compass
    daemons (1.1.9)
    eventmachine (1.0.0)
    fssm (0.2.10)
    haml (3.1.7)
    newrelic_rpm (3.5.6.46)
    rack (1.5.1)
    rack-protection (1.3.2)
      rack
    sass (3.2.5)
    sinatra (1.3.4)
      rack (~> 1.4)
      rack-protection (~> 1.3)
      tilt (~> 1.3, >= 1.3.3)
    thin (1.5.0)
      daemons (>= 1.0.9)
      eventmachine (>= 0.12.6)
      rack (>= 1.0.0)
    tilt (1.3.3)

PLATFORMS
  ruby

DEPENDENCIES
  compass_twitter_bootstrap
  haml
  newrelic_rpm
  sass
  sinatra
  thin
